PATH
  remote: .
  specs:
    covid19CDC (0.1.0)

GEM
  remote: https://rubygems.org/
  specs:
    rake (12.3.3)

PLATFORMS
  ruby

DEPENDENCIES
  covid19CDC!
  rake (~> 12.0)

BUNDLED WITH
   2.1.4
